GIT
  remote: git://github.com/repotag/rjgit.git
  revision: 0e825d10af1d8c7826494c6384fe7bdb3b145dfb
  specs:
    rjgit (0.3.11)
      mime-types (~> 1.15)

GIT
  remote: git://github.com/schacon/grack.git
  revision: c0435e17840c7468f3d749821c7f9aa1a5a92f74
  specs:
    grack (0.1.0)
      rack

GIT
  remote: https://github.com/charliesome/better_errors
  revision: b5de722fb4ff813192f6268659835df7f6a52761
  specs:
    better_errors (2.1.1)
      coderay (>= 1.0.0)
      erubis (>= 2.6.6)
      rack (>= 0.9.0)

GEM
  remote: https://rubygems.org/
  specs:
    actionmailer (3.2.14)
      actionpack (= 3.2.14)
      mail (~> 2.5.4)
    actionpack (3.2.14)
      activemodel (= 3.2.14)
      activesupport (= 3.2.14)
      builder (~> 3.0.0)
      erubis (~> 2.7.0)
      journey (~> 1.0.4)
      rack (~> 1.4.5)
      rack-cache (~> 1.2)
      rack-test (~> 0.6.1)
      sprockets (~> 2.2.1)
    activemodel (3.2.14)
      activesupport (= 3.2.14)
      builder (~> 3.0.0)
    activerecord (3.2.14)
      activemodel (= 3.2.14)
      activesupport (= 3.2.14)
      arel (~> 3.0.2)
      tzinfo (~> 0.3.29)
    activerecord-jdbc-adapter (1.3.16)
      activerecord (>= 2.2)
    activerecord-jdbcsqlite3-adapter (1.3.16)
      activerecord-jdbc-adapter (~> 1.3.16)
      jdbc-sqlite3 (>= 3.7.2, < 3.9)
    activeresource (3.2.14)
      activemodel (= 3.2.14)
      activesupport (= 3.2.14)
    activesupport (3.2.14)
      i18n (~> 0.6, >= 0.6.4)
      multi_json (~> 1.0)
    arel (3.0.3)
    bcrypt (3.1.10-java)
    bootstrap-x-editable-rails (1.5.1.1)
      railties (>= 3.0)
    brakeman (3.0.2)
      erubis (~> 2.6)
      fastercsv (~> 1.5)
      haml (>= 3.0, < 5.0)
      highline (~> 1.6.20)
      multi_json (~> 1.2)
      ruby2ruby (~> 2.1.1)
      ruby_parser (~> 3.6.2)
      sass (~> 3.0)
      terminal-table (~> 1.4)
    builder (3.0.4)
    cancan (1.6.10)
    capybara (2.4.4)
      mime-types (>= 1.16)
      nokogiri (>= 1.3.3)
      rack (>= 1.0.0)
      rack-test (>= 0.5.4)
      xpath (~> 2.0)
    code_analyzer (0.4.5)
      sexp_processor
    coderay (1.1.0)
    coffee-rails (3.2.2)
      coffee-script (>= 2.2.0)
      railties (~> 3.2.0)
    coffee-script (2.4.1)
      coffee-script-source
      execjs
    coffee-script-source (1.9.1.1)
    colored (1.2)
    commonjs (0.2.7)
    devise (3.4.1)
      bcrypt (~> 3.0)
      orm_adapter (~> 0.1)
      railties (>= 3.2.6, < 5)
      responders
      thread_safe (~> 0.1)
      warden (~> 1.2.3)
    diff-lcs (1.2.5)
    docile (1.1.5)
    erubis (2.7.0)
    execjs (2.5.2)
    factory_girl (4.5.0)
      activesupport (>= 3.0.0)
    factory_girl_rails (4.5.0)
      factory_girl (~> 4.5.0)
      railties (>= 3.0.0)
    faraday (0.9.1)
      multipart-post (>= 1.2, < 3)
    fastercsv (1.5.5)
    gravatar_image_tag (1.2.0)
    haml (4.0.6)
      tilt
    hashie (3.4.1)
    highline (1.6.21)
    hike (1.2.3)
    i18n (0.7.0)
    jdbc-sqlite3 (3.8.7)
    journey (1.0.4)
    jquery-rails (3.1.2)
      railties (>= 3.0, < 5.0)
      thor (>= 0.14, < 2.0)
    jruby-jars (1.7.19)
    jruby-openssl (0.9.7-java)
    jruby-rack (1.1.18)
    json (1.8.2-java)
    jwt (1.4.1)
    less (2.6.0)
      commonjs (~> 0.2.7)
    less-rails (2.6.0)
      actionpack (>= 3.1)
      less (~> 2.6.0)
    mail (2.5.4)
      mime-types (~> 1.16)
      treetop (~> 1.4.8)
    meta_search (1.1.3)
      actionpack (~> 3.1)
      activerecord (~> 3.1)
      activesupport (~> 3.1)
      polyamorous (~> 0.5.0)
    mime-types (1.25.1)
    multi_json (1.11.0)
    multi_xml (0.5.5)
    multipart-post (2.0.0)
    nokogiri (1.6.6.2-java)
    oauth2 (1.0.0)
      faraday (>= 0.8, < 0.10)
      jwt (~> 1.0)
      multi_json (~> 1.3)
      multi_xml (~> 0.5)
      rack (~> 1.2)
    omniauth (1.2.2)
      hashie (>= 1.2, < 4)
      rack (~> 1.0)
    omniauth-facebook (2.0.1)
      omniauth-oauth2 (~> 1.2)
    omniauth-github (1.1.2)
      omniauth (~> 1.0)
      omniauth-oauth2 (~> 1.1)
    omniauth-google-oauth2 (0.2.6)
      omniauth (> 1.0)
      omniauth-oauth2 (~> 1.1)
    omniauth-oauth2 (1.2.0)
      faraday (>= 0.8, < 0.10)
      multi_json (~> 1.3)
      oauth2 (~> 1.0)
      omniauth (~> 1.2)
    orm_adapter (0.5.0)
    polyamorous (0.5.0)
      activerecord (~> 3.0)
    polyglot (0.3.5)
    rack (1.4.5)
    rack-cache (1.2)
      rack (>= 0.4)
    rack-ssl (1.3.4)
      rack
    rack-test (0.6.3)
      rack (>= 1.0)
    rails (3.2.14)
      actionmailer (= 3.2.14)
      actionpack (= 3.2.14)
      activerecord (= 3.2.14)
      activeresource (= 3.2.14)
      activesupport (= 3.2.14)
      bundler (~> 1.0)
      railties (= 3.2.14)
    rails_best_practices (1.15.7)
      activesupport
      code_analyzer (>= 0.4.3)
      colored
      erubis
      i18n
      json
      require_all
      ruby-progressbar
    railties (3.2.14)
      actionpack (= 3.2.14)
      activesupport (= 3.2.14)
      rack-ssl (~> 1.3.2)
      rake (>= 0.8.7)
      rdoc (~> 3.4)
      thor (>= 0.14.6, < 2.0)
    rake (10.4.2)
    rdoc (3.12.2)
      json (~> 1.4)
    require_all (1.3.2)
    responders (1.1.2)
      railties (>= 3.2, < 4.2)
    rjgit_grack (0.1.4)
      rjgit
    rspec-collection_matchers (1.1.2)
      rspec-expectations (>= 2.99.0.beta1)
    rspec-core (2.99.2)
    rspec-expectations (2.99.2)
      diff-lcs (>= 1.1.3, < 2.0)
    rspec-mocks (2.99.3)
    rspec-rails (2.99.0)
      actionpack (>= 3.0)
      activemodel (>= 3.0)
      activesupport (>= 3.0)
      railties (>= 3.0)
      rspec-collection_matchers
      rspec-core (~> 2.99.0)
      rspec-expectations (~> 2.99.0)
      rspec-mocks (~> 2.99.0)
    ruby-progressbar (1.7.5)
    ruby2ruby (2.1.4)
      ruby_parser (~> 3.1)
      sexp_processor (~> 4.0)
    ruby_parser (3.6.6)
      sexp_processor (~> 4.1)
    rubyzip (1.1.7)
    sass (3.4.13)
    sass-rails (3.2.6)
      railties (~> 3.2.0)
      sass (>= 3.1.10)
      tilt (~> 1.3)
    sexp_processor (4.5.0)
    simplecov (0.9.2)
      docile (~> 1.1.0)
      multi_json (~> 1.0)
      simplecov-html (~> 0.9.0)
    simplecov-html (0.9.0)
    spork (0.9.2)
    sprockets (2.2.3)
      hike (~> 1.2)
      multi_json (~> 1.0)
      rack (~> 1.0)
      tilt (~> 1.1, != 1.3.0)
    terminal-table (1.4.5)
    therubyrhino (2.0.4)
      therubyrhino_jar (>= 1.7.3)
    therubyrhino_jar (1.7.4)
    thor (0.19.1)
    thread_safe (0.3.5-java)
    tilt (1.4.1)
    treetop (1.4.15)
      polyglot
      polyglot (>= 0.3.1)
    twitter-bootswatch-rails (3.3.2.0)
      execjs (~> 2.3)
      less-rails (~> 2.4)
      railties (>= 3.1, < 5.0)
    twitter-bootswatch-rails-fontawesome (4.3.0.0)
      less-rails (~> 2.4)
      railties (>= 3.1, < 5.0)
      twitter-bootswatch-rails (~> 3.3, >= 3.3.2)
    twitter-typeahead-rails (0.10.5)
      actionpack (>= 3.1)
      jquery-rails
      railties (>= 3.1)
    tzinfo (0.3.43)
    uglifier (2.7.1)
      execjs (>= 0.3.0)
      json (>= 1.8.0)
    warbler (1.4.5)
      jruby-jars (>= 1.5.6, < 2.0)
      jruby-rack (>= 1.1.1, < 1.3)
      rake (>= 0.9.6)
      rubyzip (>= 0.9, < 1.2)
    warden (1.2.3)
      rack (>= 1.0)
    watchr (0.7)
    xpath (2.0.0)
      nokogiri (~> 1.3)

PLATFORMS
  java

DEPENDENCIES
  activerecord-jdbcsqlite3-adapter
  better_errors!
  bootstrap-x-editable-rails
  brakeman
  cancan
  capybara
  coderay (~> 1.0)
  coffee-rails
  devise
  factory_girl_rails
  grack!
  gravatar_image_tag
  jquery-rails
  jruby-openssl
  json
  meta_search (>= 1.1.0.pre)
  omniauth-facebook
  omniauth-github
  omniauth-google-oauth2
  rails (= 3.2.14)
  rails_best_practices
  rjgit!
  rjgit_grack
  rspec-rails (~> 2.6)
  sass-rails (~> 3.2.3)
  simplecov
  spork (~> 0.9)
  therubyrhino
  twitter-bootswatch-rails
  twitter-bootswatch-rails-fontawesome
  twitter-typeahead-rails
  uglifier (>= 1.0.3)
  warbler
  watchr
