GIT
  remote: git://github.com/sporkrb/spork.git
  revision: 224df492657e617a0c93c0319e78f0eefee5b636
  specs:
    spork (1.0.0rc4)

GIT
  remote: https://github.com/charliesome/better_errors
  revision: b5de722fb4ff813192f6268659835df7f6a52761
  specs:
    better_errors (2.1.1)
      coderay (>= 1.0.0)
      erubis (>= 2.6.6)
      rack (>= 0.9.0)

GIT
  remote: https://github.com/dometto/sprockets
  revision: d34ad1ba4b8820849eb86deddc7ef871c13ff7dd
  branch: fix_dir_entries
  specs:
    sprockets (3.3.5)
      rack (> 1, < 3)

GEM
  remote: https://rubygems.org/
  specs:
    actionmailer (4.2.4)
      actionpack (= 4.2.4)
      actionview (= 4.2.4)
      activejob (= 4.2.4)
      mail (~> 2.5, >= 2.5.4)
      rails-dom-testing (~> 1.0, >= 1.0.5)
    actionpack (4.2.4)
      actionview (= 4.2.4)
      activesupport (= 4.2.4)
      rack (~> 1.6)
      rack-test (~> 0.6.2)
      rails-dom-testing (~> 1.0, >= 1.0.5)
      rails-html-sanitizer (~> 1.0, >= 1.0.2)
    actionview (4.2.4)
      activesupport (= 4.2.4)
      builder (~> 3.1)
      erubis (~> 2.7.0)
      rails-dom-testing (~> 1.0, >= 1.0.5)
      rails-html-sanitizer (~> 1.0, >= 1.0.2)
    activejob (4.2.4)
      activesupport (= 4.2.4)
      globalid (>= 0.3.0)
    activemodel (4.2.4)
      activesupport (= 4.2.4)
      builder (~> 3.1)
    activerecord (4.2.4)
      activemodel (= 4.2.4)
      activesupport (= 4.2.4)
      arel (~> 6.0)
    activerecord-jdbc-adapter (1.3.18)
      activerecord (>= 2.2)
    activerecord-jdbcsqlite3-adapter (1.3.18)
      activerecord-jdbc-adapter (~> 1.3.18)
      jdbc-sqlite3 (>= 3.7.2, < 3.9)
    activesupport (4.2.4)
      i18n (~> 0.7)
      json (~> 1.7, >= 1.7.7)
      minitest (~> 5.1)
      thread_safe (~> 0.3, >= 0.3.4)
      tzinfo (~> 1.1)
    addressable (2.3.8)
    arel (6.0.3)
    bcrypt (3.1.10-java)
    bootstrap-x-editable-rails (1.5.1.1)
      railties (>= 3.0)
    brakeman (3.1.1)
      erubis (~> 2.6)
      fastercsv (~> 1.5)
      haml (>= 3.0, < 5.0)
      highline (~> 1.6)
      multi_json (~> 1.2)
      ruby2ruby (>= 2.1.1, < 2.3.0)
      ruby_parser (~> 3.7.0)
      sass (~> 3.0)
      slim (>= 1.3.6, < 4.0)
      terminal-table (~> 1.4)
    builder (3.2.2)
    cancancan (1.10.0)
    capybara (2.5.0)
      mime-types (>= 1.16)
      nokogiri (>= 1.3.3)
      rack (>= 1.0.0)
      rack-test (>= 0.5.4)
      xpath (~> 2.0)
    childprocess (0.5.6)
      ffi (~> 1.0, >= 1.0.11)
    code_analyzer (0.4.5)
      sexp_processor
    coderay (1.1.0)
    coffee-rails (4.1.0)
      coffee-script (>= 2.2.0)
      railties (>= 4.0.0, < 5.0)
    coffee-script (2.4.1)
      coffee-script-source
      execjs
    coffee-script-source (1.9.1.1)
    colored (1.2)
    commonjs (0.2.7)
    database_cleaner (1.5.0)
    devise (3.5.2)
      bcrypt (~> 3.0)
      orm_adapter (~> 0.1)
      railties (>= 3.2.6, < 5)
      responders
      thread_safe (~> 0.1)
      warden (~> 1.2.3)
    diff-lcs (1.2.5)
    docile (1.1.5)
    erubis (2.7.0)
    execjs (2.6.0)
    factory_girl (4.5.0)
      activesupport (>= 3.0.0)
    factory_girl_rails (4.5.0)
      factory_girl (~> 4.5.0)
      railties (>= 3.0.0)
    faraday (0.9.1)
      multipart-post (>= 1.2, < 3)
    fastercsv (1.5.5)
    ffi (1.9.10-java)
    friendly_id (5.1.0)
      activerecord (>= 4.0.0)
    github-markup (1.3.3)
    globalid (0.3.6)
      activesupport (>= 4.1.0)
    gollum (4.0.1)
      gollum-lib (~> 4.0, >= 4.0.1)
      kramdown (~> 1.8.0)
      mustache (>= 0.99.5, < 1.0.0)
      sinatra (~> 1.4, >= 1.4.4)
      useragent (~> 0.14.0)
    gollum-lib (4.0.3-java)
      github-markup (~> 1.3.3)
      gollum-rjgit_adapter (~> 0.1)
      nokogiri (~> 1.6.4)
      rouge (~> 1.7.4)
      sanitize (~> 2.1.0)
      stringex (~> 2.5.1)
    gollum-rjgit_adapter (0.3.2-java)
      rjgit (~> 4.0)
    grack (0.1.0.pre2)
      rack
    gravatar_image_tag (1.2.0)
    haml (4.0.7)
      tilt
    hashie (3.4.2)
    highline (1.7.7)
    hike (1.2.3)
    i18n (0.7.0)
    jdbc-sqlite3 (3.8.10.1)
    jquery-datatables-rails (3.3.0)
      actionpack (>= 3.1)
      jquery-rails
      railties (>= 3.1)
      sass-rails
    jquery-rails (4.0.5)
      rails-dom-testing (~> 1.0)
      railties (>= 4.2.0)
      thor (>= 0.14, < 2.0)
    jruby-jars (1.7.22)
    jruby-openssl (0.9.11-java)
    jruby-rack (1.1.19)
    json (1.8.3-java)
    jwt (1.5.1)
    kramdown (1.8.0)
    less (2.6.0)
      commonjs (~> 0.2.7)
    less-rails (2.7.0)
      actionpack (>= 4.0)
      less (~> 2.6.0)
      sprockets (> 2, < 4)
      tilt
    loofah (2.0.3)
      nokogiri (>= 1.5.9)
    mail (2.6.3)
      mime-types (>= 1.16, < 3)
    mime-types (1.25.1)
    minitest (5.8.1)
    multi_json (1.11.2)
    multi_xml (0.5.5)
    multipart-post (2.0.0)
    mustache (0.99.8)
    nokogiri (1.6.6.2-java)
    oauth2 (1.0.0)
      faraday (>= 0.8, < 0.10)
      jwt (~> 1.0)
      multi_json (~> 1.3)
      multi_xml (~> 0.5)
      rack (~> 1.2)
    omniauth (1.2.2)
      hashie (>= 1.2, < 4)
      rack (~> 1.0)
    omniauth-facebook (2.0.1)
      omniauth-oauth2 (~> 1.2)
    omniauth-github (1.1.2)
      omniauth (~> 1.0)
      omniauth-oauth2 (~> 1.1)
    omniauth-google-oauth2 (0.2.7)
      addressable (~> 2.3)
      jwt (~> 1.0)
      multi_json (~> 1.3)
      omniauth (>= 1.1.1)
      omniauth-oauth2 (>= 1.1.1)
    omniauth-oauth2 (1.3.1)
      oauth2 (~> 1.0)
      omniauth (~> 1.2)
    opal (0.8.0)
      hike (~> 1.2)
      sourcemap (~> 0.1.0)
      sprockets (~> 3.1)
      tilt (>= 1.4)
    opal-activesupport (0.1.0)
      opal (>= 0.5.0, < 1.0.0)
    opal-jquery (0.4.0)
      opal (>= 0.7.0, < 0.9.0)
    opal-rails (0.8.0)
      jquery-rails
      opal (~> 0.8.0)
      opal-activesupport (>= 0.0.5)
      opal-jquery (~> 0.4.0)
      opal-rspec (~> 0.4.3)
      rails (>= 3.2, < 5.0)
    opal-rspec (0.4.3)
      opal (>= 0.7.0, < 0.9)
    orm_adapter (0.5.0)
    rack (1.6.4)
    rack-protection (1.5.3)
      rack
    rack-test (0.6.3)
      rack (>= 1.0)
    rails (4.2.4)
      actionmailer (= 4.2.4)
      actionpack (= 4.2.4)
      actionview (= 4.2.4)
      activejob (= 4.2.4)
      activemodel (= 4.2.4)
      activerecord (= 4.2.4)
      activesupport (= 4.2.4)
      bundler (>= 1.3.0, < 2.0)
      railties (= 4.2.4)
      sprockets-rails
    rails-deprecated_sanitizer (1.0.3)
      activesupport (>= 4.2.0.alpha)
    rails-dom-testing (1.0.7)
      activesupport (>= 4.2.0.beta, < 5.0)
      nokogiri (~> 1.6.0)
      rails-deprecated_sanitizer (>= 1.0.1)
    rails-html-sanitizer (1.0.2)
      loofah (~> 2.0)
    rails_best_practices (1.15.7)
      activesupport
      code_analyzer (>= 0.4.3)
      colored
      erubis
      i18n
      json
      require_all
      ruby-progressbar
    railties (4.2.4)
      actionpack (= 4.2.4)
      activesupport (= 4.2.4)
      rake (>= 0.8.7)
      thor (>= 0.18.1, < 2.0)
    rake (10.4.2)
    require_all (1.3.2)
    responders (2.1.0)
      railties (>= 4.2.0, < 5)
    rjgit (4.0.3.0)
      mime-types (~> 1.15)
    rjgit_grack (0.3.0)
      rjgit (~> 4.0)
    rouge (1.7.7)
    rspec-activemodel-mocks (1.0.2)
      activemodel (>= 3.0)
      activesupport (>= 3.0)
      rspec-mocks (>= 2.99, < 4.0)
    rspec-collection_matchers (1.1.2)
      rspec-expectations (>= 2.99.0.beta1)
    rspec-core (3.3.2)
      rspec-support (~> 3.3.0)
    rspec-expectations (3.3.1)
      diff-lcs (>= 1.2.0, < 2.0)
      rspec-support (~> 3.3.0)
    rspec-mocks (3.3.2)
      diff-lcs (>= 1.2.0, < 2.0)
      rspec-support (~> 3.3.0)
    rspec-rails (3.3.3)
      actionpack (>= 3.0, < 4.3)
      activesupport (>= 3.0, < 4.3)
      railties (>= 3.0, < 4.3)
      rspec-core (~> 3.3.0)
      rspec-expectations (~> 3.3.0)
      rspec-mocks (~> 3.3.0)
      rspec-support (~> 3.3.0)
    rspec-support (3.3.0)
    ruby-progressbar (1.7.5)
    ruby2ruby (2.2.0)
      ruby_parser (~> 3.1)
      sexp_processor (~> 4.0)
    ruby_parser (3.7.1)
      sexp_processor (~> 4.1)
    rubyzip (1.1.7)
    sanitize (2.1.0)
      nokogiri (>= 1.4.4)
    sass (3.4.18)
    sass-rails (5.0.4)
      railties (>= 4.0.0, < 5.0)
      sass (~> 3.1)
      sprockets (>= 2.8, < 4.0)
      sprockets-rails (>= 2.0, < 4.0)
      tilt (>= 1.1, < 3)
    selenium-webdriver (2.47.1)
      childprocess (~> 0.5)
      multi_json (~> 1.0)
      rubyzip (~> 1.0)
      websocket (~> 1.0)
    sexp_processor (4.6.0)
    shoulda-matchers (2.8.0)
      activesupport (>= 3.0.0)
    simplecov (0.10.0)
      docile (~> 1.1.0)
      json (~> 1.8)
      simplecov-html (~> 0.10.0)
    simplecov-html (0.10.0)
    sinatra (1.4.6)
      rack (~> 1.4)
      rack-protection (~> 1.4)
      tilt (>= 1.3, < 3)
    slim (3.0.6)
      temple (~> 0.7.3)
      tilt (>= 1.3.3, < 2.1)
    sourcemap (0.1.1)
    spork-rails (4.0.0)
      rails (>= 3.0.0, < 5)
      spork (>= 1.0rc0)
    sprockets-rails (2.3.3)
      actionpack (>= 3.0)
      activesupport (>= 3.0)
      sprockets (>= 2.8, < 4.0)
    stringex (2.5.2)
    tarchiver (0.0.1)
    temple (0.7.6)
    terminal-table (1.5.2)
    therubyrhino (2.0.4)
      therubyrhino_jar (>= 1.7.3)
    therubyrhino_jar (1.7.6)
    thor (0.19.1)
    thread_safe (0.3.5-java)
    tilt (2.0.1)
    twitter-bootswatch-rails (3.3.4.0)
      execjs (~> 2.3, >= 2.3.0)
      less-rails (~> 2.4)
      railties (>= 3.1, < 5.0)
    twitter-bootswatch-rails-fontawesome (4.3.0.0)
      less-rails (~> 2.4)
      railties (>= 3.1, < 5.0)
      twitter-bootswatch-rails (~> 3.3, >= 3.3.2)
    twitter-typeahead-rails (0.11.1)
      actionpack (>= 3.1)
      jquery-rails
      railties (>= 3.1)
    tzinfo (1.2.2)
      thread_safe (~> 0.1)
    uglifier (2.7.2)
      execjs (>= 0.3.0)
      json (>= 1.8.0)
    useragent (0.14.0)
    warbler (1.4.9)
      jruby-jars (>= 1.5.6, < 2.0)
      jruby-rack (>= 1.1.1, < 1.3)
      rake (>= 0.9.6)
      rubyzip (>= 0.9, < 1.2)
    warden (1.2.3)
      rack (>= 1.0)
    webrick (1.3.1)
    websocket (1.2.2)
    xpath (2.0.0)
      nokogiri (~> 1.3)
    zeroclipboard-rails (0.1.1)
      railties (>= 3.1)

PLATFORMS
  java

DEPENDENCIES
  activerecord-jdbcsqlite3-adapter
  better_errors!
  bootstrap-x-editable-rails
  brakeman
  cancancan (= 1.10)
  capybara
  coffee-rails
  database_cleaner
  devise
  factory_girl_rails
  friendly_id (~> 5.1.0)
  github-markup
  gollum (= 4.0.1)
  gollum-lib (= 4.0.3)
  gollum-rjgit_adapter (~> 0.3.2)
  grack (>= 0.1.0.pre2)
  gravatar_image_tag
  jquery-datatables-rails (~> 3.3.0)
  jquery-rails
  jruby-openssl
  json
  kramdown
  omniauth-facebook
  omniauth-github
  omniauth-google-oauth2
  opal-rails
  rails (~> 4.2)
  rails_best_practices
  rjgit (~> 4.0)
  rjgit_grack (>= 0.3.0)
  rouge
  rspec-activemodel-mocks
  rspec-collection_matchers
  rspec-rails (~> 3.0)
  selenium-webdriver
  shoulda-matchers
  simplecov
  spork!
  spork-rails
  sprockets!
  tarchiver
  therubyrhino
  twitter-bootswatch-rails (~> 3.3)
  twitter-bootswatch-rails-fontawesome
  twitter-typeahead-rails
  uglifier (>= 1.0.3)
  warbler
  webrick (~> 1.3.1)
  zeroclipboard-rails
